GEM
  remote: http://rubygems.org/
  specs:
    git (1.2.5)
    rake (0.8.7)
    rcov (0.9.8)
    rr (0.10.11)
    rspec (1.3.0)
    thor (0.14.0)
    timecop (0.3.5)

PLATFORMS
  ruby

DEPENDENCIES
  git
  rake
  rcov
  rr
  rspec
  thor
  timecop
