PATH
  remote: .
  specs:
    blammo (0.2.6)
      git (~> 1.2.5)
      thor (~> 0.14.0)

GEM
  remote: http://rubygems.org/
  specs:
    diff-lcs (1.1.2)
    git (1.2.5)
    hirb (0.3.2)
    rake (0.8.7)
    rcov (0.9.8)
    rr (1.0.0)
    rspec (2.0.0)
      rspec-core (= 2.0.0)
      rspec-expectations (= 2.0.0)
      rspec-mocks (= 2.0.0)
    rspec-core (2.0.0)
    rspec-expectations (2.0.0)
      diff-lcs (>= 1.1.2)
    rspec-mocks (2.0.0)
      rspec-core (= 2.0.0)
      rspec-expectations (= 2.0.0)
    thor (0.14.0)
    timecop (0.3.5)
    wirble (0.1.3)

PLATFORMS
  ruby

DEPENDENCIES
  blammo!
  bundler (~> 1.0.0)
  git (~> 1.2.5)
  hirb (~> 0.3.2)
  rake (~> 0.8.7)
  rcov (~> 0.9.8)
  rr (~> 1.0.0)
  rspec (~> 2.0.0)
  thor (~> 0.14.0)
  timecop (~> 0.3.5)
  wirble (~> 0.1.3)
