PATH
  remote: .
  specs:
    blammo (0.2.6)
      git (~> 1.2.5)
      thor (~> 0.14.0)

GEM
  remote: http://rubygems.org/
  specs:
    builder (2.1.2)
    cucumber (0.9.4)
      builder (~> 2.1.2)
      diff-lcs (~> 1.1.2)
      gherkin (~> 2.2.9)
      json (~> 1.4.6)
      term-ansicolor (~> 1.0.5)
    cucumber-rails (0.3.2)
      cucumber (>= 0.8.0)
    diff-lcs (1.1.2)
    gherkin (2.2.9)
      json (~> 1.4.6)
      term-ansicolor (~> 1.0.5)
    git (1.2.5)
    hirb (0.3.5)
    json (1.4.6)
    nokogiri (1.4.3.1)
    rake (0.8.7)
    rcov (0.9.9)
    rr (1.0.2)
    rspec (2.0.1)
      rspec-core (~> 2.0.1)
      rspec-expectations (~> 2.0.1)
      rspec-mocks (~> 2.0.1)
    rspec-core (2.0.1)
    rspec-expectations (2.0.1)
      diff-lcs (>= 1.1.2)
    rspec-mocks (2.0.1)
      rspec-core (~> 2.0.1)
      rspec-expectations (~> 2.0.1)
    term-ansicolor (1.0.5)
    thor (0.14.4)
    timecop (0.3.5)
    wirble (0.1.3)

PLATFORMS
  ruby

DEPENDENCIES
  blammo!
  bundler (~> 1.0.3)
  cucumber (~> 0.9.4)
  cucumber-rails (~> 0.3.2)
  git (~> 1.2.5)
  hirb (~> 0.3.2)
  nokogiri (~> 1.4.3)
  rake (~> 0.8.7)
  rcov (~> 0.9.9)
  rr (~> 1.0.2)
  rspec (~> 2.0.0)
  thor (~> 0.14.0)
  timecop (~> 0.3.5)
  wirble (~> 0.1.3)
