PATH
  remote: .
  specs:
    blammo (0.2.6)
      git (~> 1.2.5)
      thor (~> 0.14.0)

GEM
  remote: http://rubygems.org/
  specs:
    builder (2.1.2)
    capybara (0.4.0)
      celerity (>= 0.7.9)
      culerity (>= 0.2.4)
      mime-types (>= 1.16)
      nokogiri (>= 1.3.3)
      rack (>= 1.0.0)
      rack-test (>= 0.5.4)
      selenium-webdriver (>= 0.0.27)
      xpath (~> 0.1.2)
    celerity (0.8.2)
    childprocess (0.1.4)
      ffi (~> 0.6.3)
    cucumber (0.9.4)
      builder (~> 2.1.2)
      diff-lcs (~> 1.1.2)
      gherkin (~> 2.2.9)
      json (~> 1.4.6)
      term-ansicolor (~> 1.0.5)
    cucumber-rails (0.3.2)
      cucumber (>= 0.8.0)
    culerity (0.2.12)
    diff-lcs (1.1.2)
    ffi (0.6.3)
      rake (>= 0.8.7)
    gherkin (2.2.9)
      json (~> 1.4.6)
      term-ansicolor (~> 1.0.5)
    git (1.2.5)
    hirb (0.3.5)
    json (1.4.6)
    json_pure (1.4.6)
    mime-types (1.16)
    nokogiri (1.4.3.1)
    rack (1.2.1)
    rack-test (0.5.6)
      rack (>= 1.0)
    rake (0.8.7)
    rcov (0.9.9)
    rr (1.0.2)
    rspec (2.0.1)
      rspec-core (~> 2.0.1)
      rspec-expectations (~> 2.0.1)
      rspec-mocks (~> 2.0.1)
    rspec-core (2.0.1)
    rspec-expectations (2.0.1)
      diff-lcs (>= 1.1.2)
    rspec-mocks (2.0.1)
      rspec-core (~> 2.0.1)
      rspec-expectations (~> 2.0.1)
    rubyzip (0.9.4)
    selenium-webdriver (0.0.29)
      childprocess (>= 0.0.7)
      ffi (~> 0.6.3)
      json_pure
      rubyzip
    term-ansicolor (1.0.5)
    thor (0.14.4)
    timecop (0.3.5)
    wirble (0.1.3)
    xpath (0.1.2)
      nokogiri (~> 1.3)

PLATFORMS
  ruby

DEPENDENCIES
  blammo!
  bundler (~> 1.0.3)
  capybara (~> 0.4.0)
  cucumber (~> 0.9.4)
  cucumber-rails (~> 0.3.2)
  git (~> 1.2.5)
  hirb (~> 0.3.2)
  nokogiri (~> 1.4.3)
  rake (~> 0.8.7)
  rcov (~> 0.9.9)
  rr (~> 1.0.2)
  rspec (~> 2.0.0)
  thor (~> 0.14.0)
  timecop (~> 0.3.5)
  wirble (~> 0.1.3)
