GEM
  remote: http://rubygems.org/
  specs:
    fancypath (0.5.13)
    git (1.2.5)
    hirb (0.3.2)
    rake (0.8.7)
    rcov (0.9.8)
    rr (1.0.0)
    rspec (1.3.0)
    thor (0.14.0)
    timecop (0.3.5)

PLATFORMS
  ruby

DEPENDENCIES
  bundler (~> 1.0.0)
  fancypath (~> 0.5.13)
  git (~> 1.2.5)
  hirb (~> 0.3.2)
  rake (~> 0.8.7)
  rcov (~> 0.9.8)
  rr (~> 1.0.0)
  rspec (~> 1.3.0)
  thor (~> 0.14.0)
  timecop (~> 0.3.5)
